GEM
  remote: https://rubygems.org/
  specs:
    asciidoctor (2.0.17)
    asciidoctor-diagram (2.2.3)
      asciidoctor (>= 1.5.7, < 3.x)
      asciidoctor-diagram-ditaamini (~> 1.0)
      asciidoctor-diagram-plantuml (~> 1.2021)
      rexml
    asciidoctor-diagram-ditaamini (1.0.3)
    asciidoctor-diagram-plantuml (1.2022.5)
    asciidoctor-revealjs (5.0.0.rc1)
      asciidoctor (>= 2.0.0, < 3.0.0)
    rake (13.0.1)
    rexml (3.2.5)
    rouge (3.17.0)

PLATFORMS
  ruby

DEPENDENCIES
  asciidoctor-diagram (= 2.2.3)
  asciidoctor-revealjs (= 5.0.0.rc1)
  rake
  rouge

BUNDLED WITH
   2.3.15
